PATH
  remote: .
  specs:
    caption_america (0.0.10)
      hex_string
      memoist
      rmagick
      ruby-rtf

GEM
  remote: https://rubygems.org/
  specs:
    hex_string (1.0.1)
    memoist (0.16.2)
    mini_portile2 (2.4.0)
    minitest (5.14.1)
    nokogiri (1.10.9)
      mini_portile2 (~> 2.4.0)
    rack (2.2.2)
    rack-test (1.1.0)
      rack (>= 1.0, < 3)
    rake (13.0.6)
    rmagick (4.2.2)
    ruby-rtf (0.0.5)

PLATFORMS
  ruby

DEPENDENCIES
  bundler (~> 1.7)
  caption_america!
  minitest
  nokogiri
  rack-test
  rake (~> 13.0)

BUNDLED WITH
   1.17.3
