PATH
  remote: .
  specs:
    caption_america (0.0.1)

GEM
  remote: https://rubygems.org/
  specs:
    bindata (1.8.3)
    hex_string (1.0.1)
    minitest (5.14.1)
    rack (2.2.2)
    rack-test (1.1.0)
      rack (>= 1.0, < 3)
    rake (10.5.0)

PLATFORMS
  ruby

DEPENDENCIES
  bindata (~> 1.8.0)
  bundler (~> 1.7)
  caption_america!
  hex_string
  minitest
  rack-test
  rake (~> 10.0)

BUNDLED WITH
   1.17.3
