PATH
  remote: .
  specs:
    caption_america (0.0.7)

GEM
  remote: https://rubygems.org/
  specs:
    bindata (1.8.3)
    hex_string (1.0.1)
    memoist (0.16.2)
    mini_portile2 (2.5.1)
    minitest (5.14.1)
    nokogiri (1.11.5)
      mini_portile2 (~> 2.5.0)
      racc (~> 1.4)
    racc (1.5.2)
    rack (2.2.2)
    rack-test (1.1.0)
      rack (>= 1.0, < 3)
    rake (10.5.0)
    rmagick (4.1.2)
    ruby-rtf (0.0.5)

PLATFORMS
  ruby

DEPENDENCIES
  bindata (~> 1.8.0)
  bundler (~> 1.7)
  caption_america!
  hex_string
  memoist
  minitest
  nokogiri
  rack-test
  rake (~> 10.0)
  rmagick
  ruby-rtf

BUNDLED WITH
   1.17.3
